NUGET
  remote: https://www.nuget.org/api/v2
    FSharp.Formatting.CommandTool (2.14.4)
